GEM
  remote: http://rubygems.org/
  specs:
    open4 (1.1.0)
    perftools.rb (0.5.6)
    rack (1.3.2)
    rack-perftools_profiler (0.5.0)
      open4 (~> 1.0)
      perftools.rb (~> 0.5.6)
      rack (~> 1.0)
    sinatra (1.2.6)
      rack (~> 1.1)
      tilt (< 2.0, >= 1.2.2)
    tilt (1.3.2)

PLATFORMS
  ruby

DEPENDENCIES
  perftools.rb
  rack-perftools_profiler
  sinatra
